GEM
  remote: https://rubygems.org/
  specs:
    artii (2.1.1)
    chronic (0.10.2)
    colorize (0.7.7)

PLATFORMS
  x64-mingw32

DEPENDENCIES
  artii
  chronic
  colorize

BUNDLED WITH
   1.12.4
